GIT
  remote: git://github.com/ambethia/smtp-tls
  revision: 8a4bf9329c73e4ef62571844ef11278cfd841f47
  specs:
    smtp-tls (1.1.2)

GEM
  remote: http://rubygems.org/
  specs:
    SystemTimer (1.2.2)
    actionmailer (2.3.11)
      actionpack (= 2.3.11)
    actionpack (2.3.11)
      activesupport (= 2.3.11)
      rack (~> 1.1.0)
    activerecord (2.3.11)
      activesupport (= 2.3.11)
    activeresource (2.3.11)
      activesupport (= 2.3.11)
    activesupport (2.3.11)
    acts-as-taggable-on (2.0.6)
    awesome_print (0.3.2)
    builder (3.0.0)
    columnize (0.3.2)
    cucumber (0.6.4)
      builder (>= 2.1.2)
      diff-lcs (>= 1.1.2)
      json_pure (>= 1.2.0)
      polyglot (>= 0.2.9)
      term-ansicolor (>= 1.0.4)
      treetop (>= 1.4.2)
    cucumber-rails (0.3.0)
      cucumber (>= 0.6.2)
    database_cleaner (0.5.0)
    diff-lcs (1.1.2)
    exceptional (2.0.12)
    faker (0.9.5)
      i18n (~> 0.4)
    fastercsv (1.5.4)
    i18n (0.5.0)
    json (1.5.1)
    json_pure (1.5.1)
    juggernaut (2.0.1)
      redis
    less (1.2.21)
      mutter (>= 0.4.2)
      treetop (>= 1.4.2)
    linecache (0.43)
    machinist (1.0.6)
    mutter (0.5.3)
    mysql (2.8.1)
    newrelic_rpm (2.13.4)
    nokogiri (1.4.4)
    polyglot (0.3.1)
    prawn (0.8.4)
      prawn-core (< 0.9, >= 0.8.4)
      prawn-layout (< 0.9, >= 0.8.4)
      prawn-security (< 0.9, >= 0.8.4)
    prawn-core (0.8.4)
    prawn-layout (0.8.4)
    prawn-security (0.8.4)
    rack (1.1.1)
    rack-test (0.5.7)
      rack (>= 1.0)
    rails (2.3.11)
      actionmailer (= 2.3.11)
      actionpack (= 2.3.11)
      activerecord (= 2.3.11)
      activeresource (= 2.3.11)
      activesupport (= 2.3.11)
      rake (>= 0.8.3)
    rake (0.8.7)
    rcov (0.9.9)
    redis (2.1.1)
    rspec (1.3.1)
    rspec-rails (1.3.3)
      rack (>= 1.0.0)
      rspec (= 1.3.1)
    ruby-debug (0.10.4)
      columnize (>= 0.1)
      ruby-debug-base (~> 0.10.4.0)
    ruby-debug-base (0.10.4)
      linecache (>= 0.3)
    shoulda (2.11.3)
    term-ansicolor (1.0.5)
    timecop (0.3.5)
    treetop (1.4.9)
      polyglot (>= 0.3.1)
    webrat (0.7.3)
      nokogiri (>= 1.2.0)
      rack (>= 1.0)
      rack-test (>= 0.5.3)
    will_paginate (2.3.15)

PLATFORMS
  ruby

DEPENDENCIES
  SystemTimer
  acts-as-taggable-on
  awesome_print
  cucumber (= 0.6.4)
  cucumber-rails
  database_cleaner (= 0.5.0)
  exceptional (= 2.0.12)
  faker
  fastercsv
  json
  juggernaut
  less
  machinist
  mysql
  newrelic_rpm
  prawn
  rails (= 2.3.11)
  rcov
  rspec (= 1.3.1)
  rspec-rails (= 1.3.3)
  ruby-debug
  shoulda
  smtp-tls!
  timecop
  webrat
  will_paginate (~> 2.3.11)
